GEM
  remote: https://rubygems.org/
  specs:
    coderay (1.1.1)
    json (2.0.2)
    method_source (0.8.2)
    pry (0.10.4)
      coderay (~> 1.1.0)
      method_source (~> 0.8.1)
      slop (~> 3.4)
    rgeo (0.5.3)
    rgeo-geojson (0.4.3)
      rgeo (~> 0.5)
    slop (3.6.0)
    trollop (2.1.2)

PLATFORMS
  ruby

DEPENDENCIES
  json
  pry
  rgeo
  rgeo-geojson
  trollop

RUBY VERSION
   ruby 2.3.0p0

BUNDLED WITH
   1.12.5
